GEM
  remote: https://rubygems.org/
  specs:
    json (1.8.2)
    jsonify (0.4.1)
      multi_json (~> 1.3)
    multi_json (1.10.1)

PLATFORMS
  ruby

DEPENDENCIES
  json
  jsonify
